GEM
  remote: https://rubygems.org/
  specs:
    bcrypt (3.1.20)
    nio4r (2.7.3)
    pg (1.5.6)
    puma (6.4.2)
      nio4r (~> 2.0)
    rack (3.1.7)

PLATFORMS
  ruby
  x86_64-linux

DEPENDENCIES
  bcrypt
  pg
  puma
  rack

BUNDLED WITH
   2.5.11
