GEM
  remote: https://rubygems.org/
  specs:
    nio4r (2.7.3)
    pg (1.5.6)
    puma (6.4.2)
      nio4r (~> 2.0)
    rack (3.1.6)

PLATFORMS
  ruby
  x86_64-linux

DEPENDENCIES
  pg
  puma
  rack

BUNDLED WITH
   2.5.11
